GEM
  remote: https://rubygems.org/
  specs:
    json (2.13.2)
    webrick (1.9.1)

PLATFORMS
  ruby
  x86_64-linux

DEPENDENCIES
  json (~> 2.6)
  webrick (~> 1.8)

BUNDLED WITH
   2.5.17
